GEM
  remote: https://rubygems.org/
  specs:
    image_size (2.0.0)
    review (2.5.0)
      image_size
      rouge
      rubyzip
    review-peg (0.2.2)
    rouge (3.2.1)
    rubyzip (1.2.2)
    sass (3.4.25)

PLATFORMS
  ruby

DEPENDENCIES
  review (= 2.5.0)
  review-peg (= 0.2.2)
  sass (= 3.4.25)

BUNDLED WITH
   1.16.5
